GEM
  remote: https://rubygems.org/
  specs:
    colored (1.2)
    concurrent-ruby (1.1.9)
    cri (2.15.6)
    deep_merge (1.2.1)
    facter (4.2.5)
      hocon (~> 1.3)
      thor (>= 1.0.1, < 2.0)
    faraday (0.13.1)
      multipart-post (>= 1.2, < 3)
    faraday_middleware (0.12.2)
      faraday (>= 0.7.4, < 1.0)
    fast_gettext (1.1.2)
    gettext (3.2.9)
      locale (>= 2.0.5)
      text (>= 1.3.0)
    gettext-setup (0.30)
      fast_gettext (~> 1.1.0)
      gettext (>= 3.0.2)
      locale
    hiera (3.7.0)
    hiera-eyaml (2.1.0)
      highline (~> 1.6.19)
      trollop (~> 2.0)
    highline (1.6.21)
    hocon (1.3.1)
    httpclient (2.8.3)
    locale (2.1.2)
    log4r (1.1.10)
    minitar (0.6.1)
    multi_json (1.13.1)
    multipart-post (2.0.0)
    puppet (6.25.1)
      concurrent-ruby (~> 1.0)
      deep_merge (~> 1.0)
      facter (> 2.0.1, < 5)
      fast_gettext (~> 1.1)
      hiera (>= 3.2.1, < 4)
      httpclient (~> 2.8)
      locale (~> 2.1)
      multi_json (~> 1.10)
      puppet-resource_api (~> 1.5)
      semantic_puppet (~> 1.0)
    puppet-resource_api (1.8.14)
      hocon (>= 1.0)
    puppet_forge (2.2.9)
      faraday (>= 0.9.0, < 0.14.0)
      faraday_middleware (>= 0.9.0, < 0.13.0)
      gettext-setup (~> 0.11)
      minitar
      semantic_puppet (~> 1.0)
    r10k (3.3.0)
      colored (= 1.2)
      cri (= 2.15.6)
      gettext-setup (~> 0.24)
      log4r (= 1.1.10)
      multi_json (~> 1.10)
      puppet_forge (~> 2.2.8)
    semantic_puppet (1.0.2)
    text (1.3.1)
    thor (1.1.0)
    trollop (2.9.9)

PLATFORMS
  ruby

DEPENDENCIES
  hiera-eyaml
  puppet (~> 6.25.1)
  r10k

BUNDLED WITH
   2.0.2
